GEM
  remote: https://rubygems.org/
  specs:
    diff-lcs (1.2.4)
    file-tail (1.0.12)
      tins (~> 0.5)
    rspec (2.13.0)
      rspec-core (~> 2.13.0)
      rspec-expectations (~> 2.13.0)
      rspec-mocks (~> 2.13.0)
    rspec-core (2.13.1)
    rspec-expectations (2.13.0)
      diff-lcs (>= 1.1.3, < 2.0)
    rspec-mocks (2.13.1)
    rspec-parameterized (0.0.9)
      rspec (~> 2.13)
      ruby2ruby
      sourcify (~> 0.6.0.rc2)
    ruby2ruby (1.3.1)
      ruby_parser (~> 2.0)
      sexp_processor (~> 3.0)
    ruby_parser (2.3.1)
      sexp_processor (~> 3.0)
    sexp_processor (3.2.0)
    sourcify (0.6.0.rc4)
      file-tail (~> 1.0.10)
      ruby2ruby (~> 1.3.1)
      ruby_parser (~> 2.3.1)
      sexp_processor (~> 3.2.0)
    tins (0.13.2)

PLATFORMS
  ruby

DEPENDENCIES
  rspec (= 2.13.0)
  rspec-parameterized
